GEM
  remote: https://rubygems.org/
  specs:
    em-proxy (0.1.9)
      eventmachine
    eventmachine (1.2.5)
    ffi (1.9.18)
    heroku-forward (0.4.0)
      em-proxy (>= 0.1.8)
      ffi
      i18n (~> 0.6)
      spoon (~> 0.0.1)
    i18n (0.8.6)
    mustermann (1.0.0)
    pg (0.21.0)
    rack (2.0.3)
    rack-protection (2.0.0)
      rack
    sinatra (2.0.0)
      mustermann (~> 1.0)
      rack (~> 2.0)
      rack-protection (= 2.0.0)
      tilt (~> 2.0)
    spoon (0.0.6)
      ffi
    tilt (2.0.8)

PLATFORMS
  ruby

DEPENDENCIES
  heroku-forward
  pg
  sinatra

RUBY VERSION
   ruby 2.4.1p111

BUNDLED WITH
   1.15.3
